PATH
  remote: .
  specs:
    cocoapods-sorted-search (0.2.4)
      cocoapods (>= 0.28)
      hashie
      osx_keychain
      ruby-progressbar
      typhoeus

GEM
  remote: https://rubygems.org/
  specs:
    RubyInline (3.12.3)
      ZenTest (~> 4.3)
    ZenTest (4.11.0)
    activesupport (4.2.0)
      i18n (~> 0.7)
      json (~> 1.7, >= 1.7.7)
      minitest (~> 5.1)
      thread_safe (~> 0.3, >= 0.3.4)
      tzinfo (~> 1.1)
    addressable (2.3.6)
    ast (2.0.0)
    claide (0.8.0)
    cocoapods (0.36.0.beta.1)
      activesupport (>= 3.2.15)
      claide (~> 0.8.0)
      cocoapods-core (= 0.36.0.beta.1)
      cocoapods-downloader (~> 0.8.1)
      cocoapods-plugins (~> 0.4.0)
      cocoapods-trunk (~> 0.5.0)
      cocoapods-try (~> 0.4.3)
      colored (~> 1.2)
      escape (~> 0.0.4)
      molinillo (~> 0.2.0)
      nap (~> 0.8)
      open4 (~> 1.3)
      xcodeproj (~> 0.21.0)
    cocoapods-core (0.36.0.beta.1)
      activesupport (>= 3.2.15)
      fuzzy_match (~> 2.0.4)
      nap (~> 0.8.0)
    cocoapods-downloader (0.8.1)
    cocoapods-plugins (0.4.0)
      nap
    cocoapods-trunk (0.5.0)
      nap (>= 0.8)
      netrc (= 0.7.8)
    cocoapods-try (0.4.3)
    colored (1.2)
    crack (0.4.2)
      safe_yaml (~> 1.0.0)
    diff-lcs (1.2.5)
    escape (0.0.4)
    ethon (0.7.2)
      ffi (>= 1.3.0)
    ffi (1.9.6)
    fuzzy_match (2.0.4)
    hashie (3.3.2)
    i18n (0.7.0)
    json (1.8.2)
    minitest (5.5.1)
    molinillo (0.2.0)
    nap (0.8.0)
    netrc (0.7.8)
    open4 (1.3.4)
    osx_keychain (1.0.0)
      RubyInline (~> 3)
    parser (2.1.9)
      ast (>= 1.1, < 3.0)
      slop (~> 3.4, >= 3.4.5)
    powerpack (0.0.9)
    rainbow (2.0.0)
    rake (10.4.2)
    rspec (3.1.0)
      rspec-core (~> 3.1.0)
      rspec-expectations (~> 3.1.0)
      rspec-mocks (~> 3.1.0)
    rspec-core (3.1.7)
      rspec-support (~> 3.1.0)
    rspec-expectations (3.1.2)
      diff-lcs (>= 1.2.0, < 2.0)
      rspec-support (~> 3.1.0)
    rspec-mocks (3.1.3)
      rspec-support (~> 3.1.0)
    rspec-support (3.1.2)
    rubocop (0.20.1)
      json (>= 1.7.7, < 2)
      parser (~> 2.1.7)
      powerpack (~> 0.0.6)
      rainbow (>= 1.99.1, < 3.0)
      ruby-progressbar (~> 1.4)
    ruby-progressbar (1.7.1)
    safe_yaml (1.0.4)
    slop (3.6.0)
    thread_safe (0.3.4)
    typhoeus (0.7.0)
      ethon (>= 0.7.1)
    tzinfo (1.2.2)
      thread_safe (~> 0.1)
    webmock (1.20.4)
      addressable (>= 2.3.6)
      crack (>= 0.3.2)
    xcodeproj (0.21.0)
      activesupport (>= 3)
      colored (~> 1.2)

PLATFORMS
  ruby

DEPENDENCIES
  bundler
  cocoapods (= 0.36.0.beta.1)
  cocoapods-sorted-search!
  rake
  rspec
  rubocop (= 0.20.1)
  webmock
